PATH
  remote: .
  specs:
    gel (0.0.2)
      opengl

GEM
  remote: https://rubygems.org/
  specs:
    opengl (0.8.0)

PLATFORMS
  ruby

DEPENDENCIES
  bundler (~> 1.3)
  gel!
